GEM
  remote: https://rubygems.org/
  specs:
    chronic (0.10.2)
    httparty (0.16.4)
      mime-types (~> 3.0)
      multi_xml (>= 0.5.2)
    metaclass (0.0.4)
    mime-types (3.2.2)
      mime-types-data (~> 3.2015)
    mime-types-data (3.2019.0331)
    mocha (1.4.0)
      metaclass (~> 0.0.1)
    multi_xml (0.6.0)
    power_assert (1.1.1)
    test-unit (3.2.7)
      power_assert

PLATFORMS
  ruby

DEPENDENCIES
  chronic
  httparty (~> 0.16.3)
  mocha
  test-unit

BUNDLED WITH
   1.16.1
